PATH
  remote: .
  specs:
    szx_color_string (0.1.0)

GEM
  remote: https://rubygems.org/
  specs:
    minitest (5.11.3)
    rake (13.0.1)

PLATFORMS
  ruby

DEPENDENCIES
  bundler (>= 2.2.10)
  minitest (~> 5.0)
  rake (~> 13.0)
  szx_color_string!

BUNDLED WITH
   2.2.10
